GEM
  remote: https://rubygems.org/
  specs:
    epitools (0.5.99)
    haml (4.0.7)
      tilt
    io_splice (4.4.0)
    kgio (2.11.0)
    rack (1.6.5)
    rack-protection (1.5.3)
      rack
    rainbows (5.1.0)
      kgio (~> 2.5)
      rack (>= 1.1, < 3.0)
      unicorn (~> 5.1)
    raindrops (0.17.0)
    sendfile (1.2.2)
    sinatra (1.4.7)
      rack (~> 1.5)
      rack-protection (~> 1.4)
      tilt (>= 1.3, < 3)
    tilt (2.0.5)
    unicorn (5.2.0)
      kgio (~> 2.6)
      raindrops (~> 0.7)

PLATFORMS
  ruby

DEPENDENCIES
  epitools
  haml
  io_splice
  rack
  rainbows
  sendfile
  sinatra (~> 1.4.7)

BUNDLED WITH
   1.13.7
