GEM
  remote: https://rubygems.org/
  specs:
    addressable (2.7.0)
      public_suffix (>= 2.0.2, < 5.0)
    archive-zip (0.12.0)
      io-like (~> 0.3.0)
    epitools (0.5.126)
    epub-cfi (0.1.2)
    epub-parser (0.4.5)
      addressable (>= 2.3.5)
      archive-zip
      epub-cfi
      rchardet (>= 1.6.1)
    haml (5.1.2)
      temple (>= 0.8.0)
      tilt
    io-like (0.3.1)
    io_splice (4.4.2)
    kgio (2.11.3)
    mustermann (1.1.1)
      ruby2_keywords (~> 0.0.1)
    pandoc-ruby (2.1.4)
    public_suffix (4.0.5)
    rack (2.2.3)
    rack-protection (2.0.8.1)
      rack
    rainbows (5.2.1)
      kgio (~> 2.5)
      rack (>= 1.1, < 3.0)
      unicorn (~> 5.1)
    raindrops (0.19.1)
    rchardet (1.8.0)
    ruby2_keywords (0.0.2)
    sendfile (1.2.2)
    sinatra (2.0.8.1)
      mustermann (~> 1.0)
      rack (~> 2.0)
      rack-protection (= 2.0.8.1)
      tilt (~> 2.0)
    temple (0.8.2)
    tilt (2.0.10)
    unicorn (5.6.0)
      kgio (~> 2.6)
      raindrops (~> 0.7)

PLATFORMS
  ruby

DEPENDENCIES
  epitools
  epub-parser
  haml
  io_splice
  pandoc-ruby
  rack
  rainbows
  sendfile
  sinatra (>= 2.0.0.beta2)

BUNDLED WITH
   2.1.4
