GEM
  remote: https://rubygems.org/
  specs:
    epitools (0.5.103)
    haml (4.0.7)
      tilt
    io_splice (4.4.0)
    kgio (2.11.0)
    mustermann (1.0.0)
    rack (2.0.1)
    rack-protection (2.0.0.rc2)
      rack
    rainbows (5.1.0)
      kgio (~> 2.5)
      rack (>= 1.1, < 3.0)
      unicorn (~> 5.1)
    raindrops (0.18.0)
    sendfile (1.2.2)
    sinatra (2.0.0.rc2)
      mustermann (= 1.0.0)
      rack (~> 2.0)
      rack-protection (= 2.0.0.rc2)
      tilt (~> 2.0)
    tilt (2.0.7)
    unicorn (5.3.0)
      kgio (~> 2.6)
      raindrops (~> 0.7)

PLATFORMS
  ruby

DEPENDENCIES
  epitools
  haml
  io_splice
  rack
  rainbows
  sendfile
  sinatra (>= 2.0.0.beta2)

BUNDLED WITH
   1.14.4
